PATH
  remote: .
  specs:
    peatio (2.4.0.pre.alpha)
      activemodel (> 5.2, <= 6.0.0)
      amqp
      bunny
      clamp
      em-websocket
      eventmachine
      jwt
      mysql2
      prometheus-client
      thin

GEM
  remote: https://rubygems.org/
  specs:
    activemodel (6.0.0)
      activesupport (= 6.0.0)
    activesupport (6.0.0)
      concurrent-ruby (~> 1.0, >= 1.0.2)
      i18n (>= 0.7, < 2)
      minitest (~> 5.1)
      tzinfo (~> 1.1)
      zeitwerk (~> 2.1, >= 2.1.8)
    amq-protocol (2.3.0)
    amqp (1.8.0)
      amq-protocol (>= 2.2.0)
      eventmachine
    ast (2.4.0)
    bump (0.8.0)
    bunny (2.14.3)
      amq-protocol (~> 2.3, >= 2.3.0)
    bunny-mock (1.7.0)
      bunny (>= 1.7)
    byebug (11.0.1)
    clamp (1.3.1)
    coderay (1.1.2)
    concurrent-ruby (1.1.5)
    daemons (1.3.1)
    diff-lcs (1.3)
    docile (1.3.2)
    em-spec (0.2.7)
      eventmachine
    em-websocket (0.5.1)
      eventmachine (>= 0.12.9)
      http_parser.rb (~> 0.6.0)
    em-websocket-client (0.1.2)
      eventmachine
      websocket
    eventmachine (1.2.7)
    http_parser.rb (0.6.0)
    i18n (1.7.0)
      concurrent-ruby (~> 1.0)
    irb (1.0.0)
    jaro_winkler (1.5.4)
    json (2.2.0)
    jwt (2.2.1)
    method_source (0.9.2)
    minitest (5.13.0)
    mysql2 (0.5.2)
    parallel (1.19.0)
    parser (2.6.5.0)
      ast (~> 2.4.0)
    prometheus-client (1.0.0)
    pry (0.12.2)
      coderay (~> 1.1.0)
      method_source (~> 0.9.0)
    pry-byebug (3.7.0)
      byebug (~> 11.0)
      pry (~> 0.10)
    rack (2.0.8)
    rainbow (3.0.0)
    rake (10.5.0)
    rspec (3.9.0)
      rspec-core (~> 3.9.0)
      rspec-expectations (~> 3.9.0)
      rspec-mocks (~> 3.9.0)
    rspec-core (3.9.0)
      rspec-support (~> 3.9.0)
    rspec-expectations (3.9.0)
      diff-lcs (>= 1.2.0, < 2.0)
      rspec-support (~> 3.9.0)
    rspec-mocks (3.9.0)
      diff-lcs (>= 1.2.0, < 2.0)
      rspec-support (~> 3.9.0)
    rspec-support (3.9.0)
    rspec_junit_formatter (0.4.1)
      rspec-core (>= 2, < 4, != 2.12.0)
    rubocop (0.76.0)
      jaro_winkler (~> 1.5.1)
      parallel (~> 1.10)
      parser (>= 2.6)
      rainbow (>= 2.2.2, < 4.0)
      ruby-progressbar (~> 1.7)
      unicode-display_width (>= 1.4.0, < 1.7)
    rubocop-github (0.13.0)
      rubocop (~> 0.70)
      rubocop-performance (~> 1.3.0)
    rubocop-performance (1.3.0)
      rubocop (>= 0.68.0)
    ruby-progressbar (1.10.1)
    simplecov (0.17.1)
      docile (~> 1.1)
      json (>= 1.8, < 3)
      simplecov-html (~> 0.10.0)
    simplecov-html (0.10.2)
    simplecov-json (0.2)
      json
      simplecov
    thin (1.7.2)
      daemons (~> 1.0, >= 1.0.9)
      eventmachine (~> 1.0, >= 1.0.4)
      rack (>= 1, < 3)
    thread_safe (0.3.6)
    tzinfo (1.2.5)
      thread_safe (~> 0.1)
    unicode-display_width (1.6.0)
    websocket (1.2.8)
    zeitwerk (2.2.1)

PLATFORMS
  ruby

DEPENDENCIES
  bump
  bundler (~> 1.16)
  bunny-mock
  em-spec
  em-websocket-client
  irb
  peatio!
  pry-byebug
  rake (~> 10.0)
  rspec (~> 3.0)
  rspec_junit_formatter
  rubocop-github
  simplecov
  simplecov-json

BUNDLED WITH
   1.17.3
